PATH
  remote: .
  specs:
    resty_test (0.1.0)
      excon

GEM
  remote: http://rubygems.org/
  specs:
    diff-lcs (1.1.3)
    excon (0.16.10)
    rake (10.0.3)
    rspec (2.12.0)
      rspec-core (~> 2.12.0)
      rspec-expectations (~> 2.12.0)
      rspec-mocks (~> 2.12.0)
    rspec-core (2.12.2)
    rspec-expectations (2.12.1)
      diff-lcs (~> 1.1.3)
    rspec-mocks (2.12.1)

PLATFORMS
  ruby

DEPENDENCIES
  bundler
  rake
  resty_test!
  rspec
